GIT
  remote: https://github.com/mistydemeo/icalendar.git
  revision: a3bb7a09b5713af3f8b4e8ef3f4cf0cc5b7a07b7
  branch: fix_local_time
  specs:
    icalendar (2.5.2)
      ice_cube (~> 0.16)

GEM
  remote: https://rubygems.org/
  specs:
    addressable (2.5.2)
      public_suffix (>= 2.0.2, < 4.0)
    backports (3.11.4)
    coderay (1.1.2)
    css_parser (1.6.0)
      addressable
    dotenv (2.5.0)
    faraday (0.15.4)
      multipart-post (>= 1.2, < 3)
    faraday-http-cache (2.0.0)
      faraday (~> 0.8)
    faraday_middleware (0.12.2)
      faraday (>= 0.7.4, < 1.0)
    hashie (3.6.0)
    htmlentities (4.3.4)
    http_link_header (0.2.0)
    ice_cube (0.16.3)
    jwt (2.1.0)
    method_source (0.9.2)
    msgpack (1.2.4)
    multi_json (1.13.1)
    multi_xml (0.6.0)
    multipart-post (2.0.0)
    mustermann (1.0.3)
    oauth2 (1.4.1)
      faraday (>= 0.8, < 0.16.0)
      jwt (>= 1.0, < 3.0)
      multi_json (~> 1.3)
      multi_xml (~> 0.5)
      rack (>= 1.2, < 3)
    omniauth (1.9.0)
      hashie (>= 3.4.6, < 3.7.0)
      rack (>= 1.6.2, < 3)
    omniauth-bcx (1.0.0)
      omniauth-oauth2
    omniauth-oauth2 (1.6.0)
      oauth2 (~> 1.1)
      omniauth (~> 1.9)
    pg (1.1.3)
    premailer (1.11.1)
      addressable
      css_parser (>= 1.6.0)
      htmlentities (>= 4.0.0)
    pry (0.12.2)
      coderay (~> 1.1.0)
      method_source (~> 0.9.0)
    public_suffix (3.0.3)
    rack (2.1.4)
    rack-protection (2.0.5)
      rack
    rake (12.3.3)
    sequel (5.15.0)
    shotgun (0.9.2)
      rack (>= 1.0)
    sinatra (2.0.5)
      mustermann (~> 1.0)
      rack (~> 2.0)
      rack-protection (= 2.0.5)
      tilt (~> 2.0)
    sinatra-contrib (2.0.5)
      backports (>= 2.8.2)
      multi_json
      mustermann (~> 1.0)
      rack-protection (= 2.0.5)
      sinatra (= 2.0.5)
      tilt (>= 1.3, < 3)
    thread_safe (0.3.6)
    tilt (2.0.9)
    tzinfo (1.2.5)
      thread_safe (~> 0.1)

PLATFORMS
  ruby

DEPENDENCIES
  dotenv
  faraday
  faraday-http-cache
  faraday_middleware
  http_link_header
  icalendar!
  msgpack
  omniauth-bcx
  omniauth-oauth2
  pg
  premailer
  pry
  rack
  rake
  sequel
  shotgun
  sinatra
  sinatra-contrib
  tzinfo

RUBY VERSION
   ruby 2.5.0p0

BUNDLED WITH
   1.17.1
